PATH
  remote: .
  specs:
    conjure (0.0.0)

GEM
  remote: http://rubygems.org/
  specs:

PLATFORMS
  ruby

DEPENDENCIES
  conjure!
